PATH
  remote: .
  specs:
    puppet-blacksmith (2.0.2)
      nokogiri
      puppet (>= 2.7.16)
      rest-client

GEM
  remote: https://rubygems.org/
  specs:
    addressable (2.3.5)
    aruba (0.5.3)
      childprocess (>= 0.3.6)
      cucumber (>= 1.1.1)
      rspec-expectations (>= 2.7.0)
    builder (3.2.2)
    childprocess (0.3.9)
      ffi (~> 1.0, >= 1.0.11)
    crack (0.4.1)
      safe_yaml (~> 0.9.0)
    cucumber (1.3.6)
      builder (>= 2.1.2)
      diff-lcs (>= 1.1.3)
      gherkin (~> 2.12.0)
      multi_json (~> 1.7.5)
      multi_test (>= 0.0.2)
    diff-lcs (1.2.4)
    facter (1.7.2)
    ffi (1.9.0)
    gherkin (2.12.1)
      multi_json (~> 1.3)
    hiera (1.2.1)
      json_pure
    json_pure (1.8.0)
    mime-types (1.24)
    mini_portile (0.5.1)
    multi_json (1.7.9)
    multi_test (0.0.2)
    nokogiri (1.6.0)
      mini_portile (~> 0.5.0)
    puppet (3.2.4)
      facter (~> 1.6)
      hiera (~> 1.0)
      rgen (~> 0.6.5)
    rake (10.1.0)
    rest-client (1.6.7)
      mime-types (>= 1.16)
    rgen (0.6.5)
    rspec (2.14.1)
      rspec-core (~> 2.14.0)
      rspec-expectations (~> 2.14.0)
      rspec-mocks (~> 2.14.0)
    rspec-core (2.14.5)
    rspec-expectations (2.14.2)
      diff-lcs (>= 1.1.3, < 2.0)
    rspec-mocks (2.14.3)
    safe_yaml (0.9.5)
    webmock (1.13.0)
      addressable (>= 2.2.7)
      crack (>= 0.3.2)

PLATFORMS
  ruby

DEPENDENCIES
  aruba
  cucumber
  puppet-blacksmith!
  rake
  rspec (>= 2.7.0)
  webmock
