GEM
  remote: http://rubygems.org/
  specs:
    aruba (0.5.1)
      childprocess (~> 0.3.6)
      cucumber (>= 1.1.1)
      rspec-expectations (>= 2.7.0)
    builder (3.1.4)
    childprocess (0.3.7)
      ffi (~> 1.0, >= 1.0.6)
    cucumber (1.2.1)
      builder (>= 2.1.2)
      diff-lcs (>= 1.1.3)
      gherkin (~> 2.11.0)
      json (>= 1.4.6)
    diff-lcs (1.1.3)
    facter (1.6.17)
    ffi (1.3.1)
    gherkin (2.11.5)
      json (>= 1.4.6)
    json (1.7.6)
    metaclass (0.0.1)
    mime-types (1.19)
    mocha (0.13.2)
      metaclass (~> 0.0.1)
    puppet (2.7.20)
      facter (~> 1.5)
    puppetlabs_spec_helper (0.4.0)
      mocha (>= 0.10.5)
      rake
      rspec (>= 2.9.0)
      rspec-puppet (>= 0.1.1)
    rake (10.0.3)
    rest-client (1.6.7)
      mime-types (>= 1.16)
    rspec (2.12.0)
      rspec-core (~> 2.12.0)
      rspec-expectations (~> 2.12.0)
      rspec-mocks (~> 2.12.0)
    rspec-core (2.12.2)
    rspec-expectations (2.12.1)
      diff-lcs (~> 1.1.3)
    rspec-mocks (2.12.1)
    rspec-puppet (0.1.6)
      rspec

PLATFORMS
  ruby

DEPENDENCIES
  aruba
  cucumber
  puppet (~> 2.7.16)
  puppetlabs_spec_helper (>= 0.3.0)
  rake
  rest-client
  rspec (>= 2.7.0)
